GEM
  remote: http://rubygems.org/
  specs:
    addressable (2.2.8)
    adsf (1.1.1)
      rack (>= 1.0.0)
    cfoundry (0.3.40)
      multi_json (~> 1.3.6)
      rest-client (~> 1.6.1)
      rubyzip (~> 0.9.9)
    clouseau (0.0.1)
      rubyzip (~> 0.9.9)
    colored (1.2)
    cri (2.3.0)
      colored (>= 1.2)
    haml (3.1.7)
    interact (0.4.8)
    json_pure (1.6.7)
    kramdown (0.13.8)
    manifests-vmc-plugin (0.4.8)
      cfoundry (~> 0.3.9)
    mime-types (1.19)
    mothership (0.1.5)
    multi_json (1.3.6)
    nanoc (3.4.1)
      cri (~> 2.2)
    nokogiri (1.4.7)
    pygmentize (0.0.3)
    rack (1.4.1)
    rake (0.9.2.2)
    rb-readline (0.4.2)
    rest-client (1.6.7)
      mime-types (>= 1.16)
    rubyzip (0.9.9)
    systemu (2.5.2)
    terminal-table (1.4.5)
    tunnel-dummy-vmc-plugin (0.0.1)
      cfoundry (~> 0.3.14)
    uuidtools (2.1.3)
    vmc (0.4.0.beta.63)
      addressable (~> 2.2.6)
      cfoundry (~> 0.3.27)
      cfoundry (~> 0.3.40)
      clouseau (~> 0.0.1)
      interact (~> 0.4.0)
      interact (~> 0.4.8)
      json_pure (>= 1.5.1, < 1.7.0)
      json_pure (~> 1.6.5)
      manifests-vmc-plugin (~> 0.4.8)
      mothership (~> 0.1.5)
      multi_json (~> 1.3.6)
      rb-readline (~> 0.4.2)
      rest-client (>= 1.6.1, < 1.7.0)
      rubyzip (~> 0.9.4)
      terminal-table (~> 1.4.2)
      tunnel-dummy-vmc-plugin (~> 0.0.1)
      uuidtools (~> 2.1.0)
    yajl-ruby (0.8.3)

PLATFORMS
  ruby

DEPENDENCIES
  adsf
  haml
  kramdown (~> 0.13.2)
  mime-types (~> 1.16)
  nanoc
  nokogiri (~> 1.4.4)
  pygmentize (~> 0.0.3)
  rake (~> 0.9.2)
  rubyzip
  systemu
  vmc (>= 0.3.16.beta.3)
  yajl-ruby (~> 0.8.2)
